GEM
  remote: http://rubygems.org/
  specs:
    backports (2.6.1)
    domain_name (0.5.3)
      unf (~> 0.0.3)
    eventmachine (0.12.10)
    mechanize (2.5.1)
      domain_name (~> 0.5, >= 0.5.1)
      mime-types (~> 1.17, >= 1.17.2)
      net-http-digest_auth (~> 1.1, >= 1.1.1)
      net-http-persistent (~> 2.5, >= 2.5.2)
      nokogiri (~> 1.4)
      ntlm-http (~> 0.1, >= 0.1.1)
      webrobots (~> 0.0, >= 0.0.9)
    mime-types (1.18)
    net-http-digest_auth (1.2.1)
    net-http-persistent (2.6)
    nokogiri (1.5.3)
    ntlm-http (0.1.1)
    rack (1.4.1)
    rack-protection (1.2.0)
      rack
    rack-test (0.6.1)
      rack (>= 1.0)
    sinatra (1.3.2)
      rack (~> 1.3, >= 1.3.6)
      rack-protection (~> 1.2)
      tilt (~> 1.3, >= 1.3.3)
    sinatra-contrib (1.3.1)
      backports (>= 2.0)
      eventmachine
      rack-protection
      rack-test
      sinatra (~> 1.3.0)
      tilt (~> 1.3)
    tilt (1.3.3)
    unf (0.0.5)
      unf_ext
    unf_ext (0.0.5)
    webrobots (0.0.13)

PLATFORMS
  ruby

DEPENDENCIES
  mechanize
  sinatra
  sinatra-contrib
